PATH
  remote: .
  specs:
    prettier_print (1.1.0)

GEM
  remote: https://rubygems.org/
  specs:
    docile (1.4.0)
    power_assert (2.0.1)
    rake (13.0.6)
    simplecov (0.21.2)
      docile (~> 1.1)
      simplecov-html (~> 0.11)
      simplecov_json_formatter (~> 0.1)
    simplecov-html (0.12.3)
    simplecov_json_formatter (0.1.4)
    test-unit (3.5.5)
      power_assert

PLATFORMS
  arm64-darwin-21
  x86_64-darwin-21
  x86_64-linux

DEPENDENCIES
  prettier_print!
  rake
  simplecov
  test-unit

BUNDLED WITH
   2.3.6
