PATH
  remote: .
  specs:
    prettier_print (1.2.1)

GEM
  remote: https://rubygems.org/
  specs:
    docile (1.4.0)
    power_assert (2.0.4)
    rake (13.2.1)
    simplecov (0.22.0)
      docile (~> 1.1)
      simplecov-html (~> 0.11)
      simplecov_json_formatter (~> 0.1)
    simplecov-html (0.12.3)
    simplecov_json_formatter (0.1.4)
    syntax_tree (6.2.0)
      prettier_print (>= 1.2.0)
    test-unit (3.6.7)
      power_assert

PLATFORMS
  arm64-darwin-21
  arm64-darwin-22
  x86_64-darwin-21
  x86_64-linux

DEPENDENCIES
  prettier_print!
  rake
  simplecov
  syntax_tree
  test-unit

BUNDLED WITH
   2.3.6
